PATH
  remote: .
  specs:
    dhasher (1.0.1)
      rmagick

GEM
  remote: https://rubygems.org/
  specs:
    diff-lcs (1.2.5)
    rmagick (2.15.4)
    rspec (3.4.0)
      rspec-core (~> 3.4.0)
      rspec-expectations (~> 3.4.0)
      rspec-mocks (~> 3.4.0)
    rspec-core (3.4.1)
      rspec-support (~> 3.4.0)
    rspec-expectations (3.4.0)
      diff-lcs (>= 1.2.0, < 2.0)
      rspec-support (~> 3.4.0)
    rspec-mocks (3.4.0)
      diff-lcs (>= 1.2.0, < 2.0)
      rspec-support (~> 3.4.0)
    rspec-support (3.4.1)

PLATFORMS
  ruby

DEPENDENCIES
  bundler
  dhasher!
  rspec

BUNDLED WITH
   1.11.2
